ObjectType = Image
NDims = 3
BinaryData = True
BinaryDataByteOrderMSB = False
TransformMatrix = 1 0 0 0 1 0 0 0 1
Offset = 0 0 0
CenterOfRotation = 0 0 0
ElementSpacing = 200 200 200
DimSize = 67 41 58
AnatomicalOrientation = ???
ElementType = MET_USHORT
ElementDataFile = gridAnnotation.raw
